PATH
  remote: .
  specs:
    sass_mult (0.1)
      micro-optparse (~> 1.1.5)
      sass

GEM
  remote: https://rubygems.org/
  specs:
    diff-lcs (1.1.3)
    micro-optparse (1.1.5)
    rspec (2.11.0)
      rspec-core (~> 2.11.0)
      rspec-expectations (~> 2.11.0)
      rspec-mocks (~> 2.11.0)
    rspec-core (2.11.0)
    rspec-expectations (2.11.1)
      diff-lcs (~> 1.1.3)
    rspec-mocks (2.11.1)
    sass (3.2.9)

PLATFORMS
  ruby

DEPENDENCIES
  rspec (~> 2.6)
  sass_mult!
